GEM
  specs:
    activemodel (5.0.1)
      activesupport (= 5.0.1)
    activerecord (5.0.1)
      activemodel (= 5.0.1)
      activesupport (= 5.0.1)
      arel (~> 7.0)
    activesupport (5.0.1)
      concurrent-ruby (~> 1.0, >= 1.0.2)
      i18n (~> 0.7)
      minitest (~> 5.1)
      tzinfo (~> 1.1)
    arel (7.1.4)
    commander (4.4.3)
      highline (~> 1.7.2)
    concurrent-ruby (1.0.4)
    dotenv (2.2.0)
    highline (1.7.8)
    i18n (0.8.0)
    minitest (5.10.1)
    random-word (1.3.0)
    slugify (1.0.6)
    thread_safe (0.3.5)
    tzinfo (1.2.2)
      thread_safe (~> 0.1)
    vagrant-ip-show (0.0.4)
    vagrant-wrapper (2.0.3)

PLATFORMS
  ruby

DEPENDENCIES
  activerecord (~> 5.0, >= 5.0.1)
  commander (~> 4.4, >= 4.4.3)
  dotenv (~> 2.2)
  random-word (~> 1.3)
  slugify (~> 1.0, >= 1.0.6)
  vagrant-ip-show (~> 0.0.4)
  vagrant-wrapper (~> 2.0, >= 2.0.3)

BUNDLED WITH
   1.14.4
