PATH
  remote: deeploy
  specs:
    deeploy (0.1.34)

GEM
  remote: https://rubygems.org/
  specs:
    actionpack (5.0.1)
      actionview (= 5.0.1)
      activesupport (= 5.0.1)
      rack (~> 2.0)
      rack-test (~> 0.6.3)
      rails-dom-testing (~> 2.0)
      rails-html-sanitizer (~> 1.0, >= 1.0.2)
    actionview (5.0.1)
      activesupport (= 5.0.1)
      builder (~> 3.1)
      erubis (~> 2.7.0)
      rails-dom-testing (~> 2.0)
      rails-html-sanitizer (~> 1.0, >= 1.0.2)
    activemodel (5.0.1)
      activesupport (= 5.0.1)
    activerecord (5.0.1)
      activemodel (= 5.0.1)
      activesupport (= 5.0.1)
      arel (~> 7.0)
    activesupport (5.0.1)
      concurrent-ruby (~> 1.0, >= 1.0.2)
      i18n (~> 0.7)
      minitest (~> 5.1)
      tzinfo (~> 1.1)
    arel (7.1.4)
    bcrypt (3.1.11)
    builder (3.2.3)
    byebug (9.0.6)
    commander (4.4.3)
      highline (~> 1.7.2)
    concurrent-ruby (1.0.4)
    erubis (2.7.0)
    figaro (1.1.1)
      thor (~> 0.14)
    highline (1.7.8)
    i18n (0.8.0)
    log4r (1.1.10)
    loofah (2.0.3)
      nokogiri (>= 1.5.9)
    micromachine (2.0.0)
    mini_portile2 (2.1.0)
    minitest (5.10.1)
    mysql2 (0.4.5)
    nokogiri (1.7.1)
      mini_portile2 (~> 2.1.0)
    rack (2.0.1)
    rack-test (0.6.3)
      rack (>= 1.0)
    rails-dom-testing (2.0.2)
      activesupport (>= 4.2.0, < 6.0)
      nokogiri (~> 1.6)
    rails-html-sanitizer (1.0.3)
      loofah (~> 2.0)
    random-word (1.3.0)
    simple_form (3.4.0)
      actionpack (> 4, < 5.1)
      activemodel (> 4, < 5.1)
    slugify (1.0.7)
    sqlite3 (1.3.13)
    thor (0.19.4)
    thread_safe (0.3.5)
    tzinfo (1.2.2)
      thread_safe (~> 0.1)
    vagrant-vbguest (0.13.0)
      i18n
      log4r
      micromachine (~> 2.0.0)

PLATFORMS
  ruby

DEPENDENCIES
  activerecord (~> 5.0, >= 5.0.1)
  bcrypt (~> 3.1, >= 3.1.11)
  byebug (~> 9.0, >= 9.0.6)
  commander (~> 4.4, >= 4.4.3)
  deeploy!
  figaro (~> 1.1, >= 1.1.1)
  mysql2 (~> 0.4.5)
  random-word (~> 1.3)
  simple_form (~> 3.4)
  slugify (~> 1.0, >= 1.0.6)
  sqlite3 (~> 1.3, >= 1.3.13)
  vagrant-vbguest (~> 0.13.0)

BUNDLED WITH
   1.14.6
