PATH
  remote: deeploy
  specs:
    deeploy (0.1.46)
      figaro (~> 1.1)
      net-ssh (~> 4.1)

GEM
  remote: https://rubygems.org/
  specs:
    activemodel (6.1.3)
      activesupport (= 6.1.3)
    activerecord (6.1.3)
      activemodel (= 6.1.3)
      activesupport (= 6.1.3)
    activesupport (6.1.3)
      concurrent-ruby (~> 1.0, >= 1.0.2)
      i18n (>= 1.6, < 2)
      minitest (>= 5.1)
      tzinfo (~> 2.0)
      zeitwerk (~> 2.3)
    bcrypt (3.1.11)
    byebug (9.0.6)
    commander (4.4.3)
      highline (~> 1.7.2)
    concurrent-ruby (1.1.8)
    figaro (1.1.1)
      thor (~> 0.14)
    highline (1.7.8)
    i18n (1.8.9)
      concurrent-ruby (~> 1.0)
    log4r (1.1.10)
    micromachine (2.0.0)
    minitest (5.14.4)
    mysql2 (0.4.5)
    net-ssh (4.1.0)
    random-word (1.3.0)
    slugify (1.0.7)
    sqlite3 (1.3.13)
    thor (0.19.4)
    tzinfo (2.0.4)
      concurrent-ruby (~> 1.0)
    vagrant-vbguest (0.13.0)
      i18n
      log4r
      micromachine (~> 2.0.0)
    zeitwerk (2.4.2)

PLATFORMS
  ruby

DEPENDENCIES
  activerecord (~> 6.1)
  bcrypt (~> 3.1, >= 3.1.11)
  byebug (~> 9.0, >= 9.0.6)
  commander (~> 4.4, >= 4.4.3)
  deeploy!
  figaro (~> 1.1, >= 1.1.1)
  mysql2 (~> 0.4.5)
  net-ssh (~> 4.1)
  random-word (~> 1.3)
  slugify (~> 1.0, >= 1.0.6)
  sqlite3 (~> 1.3, >= 1.3.13)
  vagrant-vbguest (~> 0.13.0)

BUNDLED WITH
   1.14.6
